GEM
  remote: http://rubygems.org/
  specs:
    activesupport (3.0.4)
    addressable (2.2.5)
    backports (1.18.2)
    bandcamp-rb (0.1.1)
      httparty (~> 0.7.4)
    crack (0.1.8)
    haml (3.0.25)
    highline (1.6.1)
    httparty (0.7.4)
      crack (= 0.1.8)
    i18n (0.5.0)
    lastfm (0.2.1)
      activesupport (>= 3.0.3)
      httparty
      xml-simple
    monkey-lib (0.5.4)
      backports
    oauth (0.4.4)
    rack (1.2.1)
    sass (3.1.1)
    sinatra (1.1.3)
      rack (~> 1.1)
      tilt (>= 1.2.2, < 2.0)
    sinatra-advanced-routes (0.5.1)
      monkey-lib (~> 0.5.0)
      sinatra (~> 1.0)
      sinatra-sugar (~> 0.5.0)
    sinatra-reloader (0.5.0)
      sinatra (~> 1.0)
      sinatra-advanced-routes (~> 0.5.0)
    sinatra-sugar (0.5.0)
      monkey-lib (~> 0.5.0)
      sinatra (~> 1.0)
    tilt (1.2.2)
    tumblr-rb (1.3.0)
      highline (>= 1.5.2)
      weary (>= 0.7.1)
    weary (0.7.2)
      crack (>= 0.1.7)
      oauth (>= 0.3.5)
    webmock (1.6.2)
      addressable (>= 2.2.2)
      crack (>= 0.1.7)
    xml-simple (1.0.14)

PLATFORMS
  ruby

DEPENDENCIES
  activesupport
  bandcamp-rb
  haml
  i18n
  lastfm
  sass
  sinatra
  sinatra-reloader
  tumblr-rb
  webmock
